GEM
  remote: https://rubygems.org/
  specs:
    ansi (1.5.0)
    coderay (1.1.2)
    method_source (0.9.0)
    pry (0.11.1)
      coderay (~> 1.1.0)
      method_source (~> 0.9.0)
    redis (4.0.1)
    tty-cursor (0.5.0)
    word_wrap (1.0.0)

PLATFORMS
  ruby

DEPENDENCIES
  ansi
  pry
  redis
  tty-cursor
  word_wrap

BUNDLED WITH
   1.16.0
